GEM
  remote: http://rubygems.org/
  specs:
    mustermann (1.0.3)
    rack (2.0.7)
    rack-protection (2.0.5)
      rack
    sinatra (2.0.5)
      mustermann (~> 1.0)
      rack (~> 2.0)
      rack-protection (= 2.0.5)
      tilt (~> 2.0)
    sqlite3 (1.4.1)
    tilt (2.0.9)

PLATFORMS
  x64-mingw32

DEPENDENCIES
  sinatra
  sqlite3 (~> 1.4, >= 1.4.1)

BUNDLED WITH
   2.0.2
